GIT
  remote: git://github.com/strongqa/howitzer.git
  revision: bc973eb565e20fc8bcc4cefec856e92131f3fa08
  branch: new_dsl
  specs:
    howitzer (1.1.0)
      activesupport (~> 4.2)
      addressable (>= 2.3.3, < 3.0)
      capybara (>= 2.1, < 3.0)
      gli
      launchy
      log4r (~> 1.1.10)
      rack (~> 1.6.4)
      rake
      rspec (~> 3.2)
      selenium-webdriver
      sexy_settings

GEM
  remote: https://rubygems.org/
  specs:
    activemodel (4.2.7)
      activesupport (= 4.2.7)
      builder (~> 3.1)
    activesupport (4.2.7)
      i18n (~> 0.7)
      json (~> 1.7, >= 1.7.7)
      minitest (~> 5.1)
      thread_safe (~> 0.3, >= 0.3.4)
      tzinfo (~> 1.1)
    addressable (2.4.0)
    builder (3.2.2)
    capybara (2.7.1)
      addressable
      mime-types (>= 1.16)
      nokogiri (>= 1.3.3)
      rack (>= 1.0.0)
      rack-test (>= 0.5.4)
      xpath (~> 2.0)
    childprocess (0.5.9)
      ffi (~> 1.0, >= 1.0.11)
    cliver (0.3.2)
    cucumber (2.4.0)
      builder (>= 2.1.2)
      cucumber-core (~> 1.5.0)
      cucumber-wire (~> 0.0.1)
      diff-lcs (>= 1.1.3)
      gherkin (~> 4.0)
      multi_json (>= 1.7.5, < 2.0)
      multi_test (>= 0.1.2)
    cucumber-core (1.5.0)
      gherkin (~> 4.0)
    cucumber-wire (0.0.1)
    diff-lcs (1.2.5)
    domain_name (0.5.20160615)
      unf (>= 0.0.5, < 1.0.0)
    factory_girl (4.7.0)
      activesupport (>= 3.0.0)
    faraday (0.9.2)
      multipart-post (>= 1.2, < 3)
    ffi (1.9.14)
    gherkin (4.0.0)
    gli (2.14.0)
    her (0.8.1)
      activemodel (>= 3.0.0, <= 4.3.0)
      activesupport (>= 3.0.0, <= 4.3.0)
      faraday (>= 0.8, < 1.0)
      multi_json (~> 1.7)
    http-cookie (1.0.2)
      domain_name (~> 0.5)
    i18n (0.7.0)
    json (1.8.3)
    launchy (2.4.3)
      addressable (~> 2.3)
    log4r (1.1.10)
    mime-types (3.1)
      mime-types-data (~> 3.2015)
    mime-types-data (3.2016.0521)
    mini_portile2 (2.1.0)
    minitest (5.9.0)
    multi_json (1.12.1)
    multi_test (0.1.2)
    multipart-post (2.0.0)
    netrc (0.11.0)
    nokogiri (1.6.8)
      mini_portile2 (~> 2.1.0)
      pkg-config (~> 1.1.7)
    pkg-config (1.1.7)
    poltergeist (1.10.0)
      capybara (~> 2.1)
      cliver (~> 0.3.1)
      websocket-driver (>= 0.2.0)
    rack (1.6.4)
    rack-test (0.6.3)
      rack (>= 1.0)
    rake (11.2.2)
    repeater (0.0.1)
    rest-client (2.0.0)
      http-cookie (>= 1.0.2, < 2.0)
      mime-types (>= 1.16, < 4.0)
      netrc (~> 0.8)
    rspec (3.5.0)
      rspec-core (~> 3.5.0)
      rspec-expectations (~> 3.5.0)
      rspec-mocks (~> 3.5.0)
    rspec-core (3.5.1)
      rspec-support (~> 3.5.0)
    rspec-expectations (3.5.0)
      diff-lcs (>= 1.2.0, < 2.0)
      rspec-support (~> 3.5.0)
    rspec-mocks (3.5.0)
      diff-lcs (>= 1.2.0, < 2.0)
      rspec-support (~> 3.5.0)
    rspec-support (3.5.0)
    rubyzip (1.2.0)
    selenium-webdriver (2.53.4)
      childprocess (~> 0.5)
      rubyzip (~> 1.0)
      websocket (~> 1.0)
    sexy_settings (0.0.2)
    syntax (1.2.1)
    thread_safe (0.3.5)
    tzinfo (1.2.2)
      thread_safe (~> 0.1)
    unf (0.1.4)
      unf_ext
    unf_ext (0.0.7.2)
    websocket (1.2.3)
    websocket-driver (0.6.4)
      websocket-extensions (>= 0.1.0)
    websocket-extensions (0.1.2)
    xpath (2.0.0)
      nokogiri (~> 1.3)

PLATFORMS
  ruby

DEPENDENCIES
  cucumber (~> 2.0)
  factory_girl
  her
  howitzer!
  poltergeist
  repeater
  rest-client
  syntax

BUNDLED WITH
   1.12.5
